GEM
  remote: https://rubygems.org/
  specs:
    activesupport (3.2.12)
      i18n (~> 0.6)
      multi_json (~> 1.0)
    addressable (2.3.3)
    builder (3.2.0)
    chronic (0.9.1)
    coderay (1.0.9)
    daemons (1.1.9)
    diff-lcs (1.2.2)
    eventmachine (1.0.3)
    grit (2.5.0)
      diff-lcs (~> 1.1)
      mime-types (~> 1.15)
      posix-spawn (~> 0.3.6)
    haml (4.0.1)
      tilt
    i18n (0.6.4)
    launchy (2.2.0)
      addressable (~> 2.3)
    mime-types (1.22)
    multi_json (1.7.2)
    nokogiri (1.5.9)
    posix-spawn (0.3.6)
    pygments.rb (0.4.2)
      posix-spawn (~> 0.3.6)
      yajl-ruby (~> 1.1.0)
    rack (1.5.2)
    redcarpet (2.2.2)
    retter (0.2.3)
      activesupport (>= 3.2.5)
      builder (>= 3.0.0)
      bundler (>= 1.1.4)
      chronic (>= 0.6.7)
      coderay (>= 1.0.7)
      grit (>= 2.5.0)
      haml (>= 3.1.6)
      i18n (>= 0.6.0)
      launchy (>= 2.1.0)
      nokogiri (>= 1.5.3)
      pygments.rb (>= 0.2.13)
      rack (>= 1.4.1)
      redcarpet (>= 2.1.1)
      thor (>= 0.15.2)
      tilt (>= 1.3.3)
    thin (1.5.1)
      daemons (>= 1.0.9)
      eventmachine (>= 0.12.6)
      rack (>= 1.0.0)
    thor (0.18.1)
    tilt (1.3.6)
    yajl-ruby (1.1.0)

PLATFORMS
  ruby

DEPENDENCIES
  rack
  retter (~> 0.2.3)
  thin
